GEM
  remote: https://rubygems.org/
  specs:
    aws-sdk (2.9.35)
      aws-sdk-resources (= 2.9.35)
    aws-sdk-core (2.9.35)
      aws-sigv4 (~> 1.0)
      jmespath (~> 1.0)
    aws-sdk-resources (2.9.35)
      aws-sdk-core (= 2.9.35)
    aws-sigv4 (1.0.0)
    coderay (1.1.1)
    faraday (0.12.1)
      multipart-post (>= 1.2, < 3)
    faraday_middleware (0.11.0.1)
      faraday (>= 0.7.4, < 1.0)
    jmespath (1.3.1)
    json (2.1.0)
    method_source (0.8.2)
    mini_portile2 (2.2.0)
    multipart-post (2.0.0)
    nokogiri (1.8.0)
      mini_portile2 (~> 2.2.0)
    pry (0.10.4)
      coderay (~> 1.1.0)
      method_source (~> 0.8.1)
      slop (~> 3.4)
    rumbda (1.0.0)
      bundler (= 1.9.9)
      thor (~> 0.19)
    slop (3.6.0)
    thor (0.19.4)

PLATFORMS
  ruby

DEPENDENCIES
  aws-sdk (~> 2)
  bundler (= 1.9.9)
  faraday
  faraday_middleware
  json
  nokogiri
  pry
  rumbda
