GEM
  remote: https://rubygems.org/
  specs:
    aws-sdk (2.9.35)
      aws-sdk-resources (= 2.9.35)
    aws-sdk-core (2.9.35)
      aws-sigv4 (~> 1.0)
      jmespath (~> 1.0)
    aws-sdk-resources (2.9.35)
      aws-sdk-core (= 2.9.35)
    aws-sigv4 (1.0.0)
    coderay (1.1.1)
    faker (1.7.3)
      i18n (~> 0.5)
    i18n (0.8.4)
    jmespath (1.3.1)
    json (2.1.0)
    method_source (0.8.2)
    pry (0.10.4)
      coderay (~> 1.1.0)
      method_source (~> 0.8.1)
      slop (~> 3.4)
    rumbda (1.0.0)
      bundler (= 1.9.9)
      thor (~> 0.19)
    slop (3.6.0)
    thor (0.19.4)

PLATFORMS
  ruby

DEPENDENCIES
  aws-sdk (~> 2)
  bundler (= 1.9.9)
  faker
  json
  pry
  rumbda
