GEM
  remote: https://rubygems.org/
  specs:
    activemodel (5.0.4)
      activesupport (= 5.0.4)
    activesupport (5.0.4)
      concurrent-ruby (~> 1.0, >= 1.0.2)
      i18n (~> 0.7)
      minitest (~> 5.1)
      tzinfo (~> 1.1)
    addressable (2.8.0)
      public_suffix (>= 2.0.2, < 5.0)
    ast (2.3.0)
    avro (1.8.2)
      multi_json
    avro-patches (0.3.0)
      avro (= 1.8.2)
    avro-resolution_canonical_form (0.2.0)
      avro-patches
    avro_schema_registry-client (0.3.0)
      avro-resolution_canonical_form (>= 0.2.0)
      avro_turf (>= 0.8.0)
    avro_turf (0.8.0)
      avro (>= 1.7.7, < 1.9)
      excon (~> 0.45)
    avromatic (0.24.0)
      activemodel (>= 4.1, < 5.1)
      activesupport (>= 4.1, < 5.1)
      avro (>= 1.7.7)
      avro_schema_registry-client (>= 0.3.0)
      avro_turf
      virtus
    aws-kclrb (1.0.1)
      multi_json (~> 1.0)
    aws-sdk (2.9.37)
      aws-sdk-resources (= 2.9.37)
    aws-sdk-core (2.9.37)
      aws-sigv4 (~> 1.0)
      jmespath (~> 1.0)
    aws-sdk-resources (2.9.37)
      aws-sdk-core (= 2.9.37)
    aws-sigv4 (1.0.0)
    axiom-types (0.1.1)
      descendants_tracker (~> 0.0.4)
      ice_nine (~> 0.11.0)
      thread_safe (~> 0.3, >= 0.3.1)
    coderay (1.1.1)
    coercible (1.0.0)
      descendants_tracker (~> 0.0.1)
    concurrent-ruby (1.0.5)
    crack (0.4.4)
    descendants_tracker (0.0.4)
      thread_safe (~> 0.3, >= 0.3.1)
    diff-lcs (1.3)
    docile (1.3.2)
    dotenv (2.2.1)
    equalizer (0.0.11)
    excon (0.57.0)
    faker (1.7.3)
      i18n (~> 0.5)
    faraday (0.12.1)
      multipart-post (>= 1.2, < 3)
    faraday_middleware (0.11.0.1)
      faraday (>= 0.7.4, < 1.0)
    gibberish (2.1.0)
    hashdiff (1.0.1)
    httparty (0.15.5)
      multi_xml (>= 0.5.2)
    i18n (0.8.4)
    ice_nine (0.11.2)
    jmespath (1.3.1)
    method_source (0.8.2)
    minitest (5.10.2)
    multi_json (1.12.1)
    multi_xml (0.6.0)
    multipart-post (2.0.0)
    nypl_log_formatter (0.1.3)
    nypl_sierra_api_client (1.1.0)
    oauth (0.5.3)
    parallel (1.12.0)
    parser (2.4.0.0)
      ast (~> 2.2)
    powerpack (0.1.1)
    pry (0.10.4)
      coderay (~> 1.1.0)
      method_source (~> 0.8.1)
      slop (~> 3.4)
    public_suffix (4.0.6)
    rainbow (2.2.2)
      rake
    rake (12.0.0)
    require_all (1.4.0)
    rspec (3.6.0)
      rspec-core (~> 3.6.0)
      rspec-expectations (~> 3.6.0)
      rspec-mocks (~> 3.6.0)
    rspec-core (3.6.0)
      rspec-support (~> 3.6.0)
    rspec-expectations (3.6.0)
      diff-lcs (>= 1.2.0, < 2.0)
      rspec-support (~> 3.6.0)
    rspec-mocks (3.6.0)
      diff-lcs (>= 1.2.0, < 2.0)
      rspec-support (~> 3.6.0)
    rspec-support (3.6.0)
    rubocop (0.49.1)
      parallel (~> 1.10)
      parser (>= 2.3.3.1, < 3.0)
      powerpack (~> 0.1)
      rainbow (>= 1.99.1, < 3.0)
      ruby-progressbar (~> 1.7)
      unicode-display_width (~> 1.0, >= 1.0.1)
    ruby-progressbar (1.8.1)
    simplecov (0.18.5)
      docile (~> 1.1)
      simplecov-html (~> 0.11)
    simplecov-html (0.12.2)
    slop (3.6.0)
    thread_safe (0.3.6)
    tzinfo (1.2.3)
      thread_safe (~> 0.1)
    unicode-display_width (1.3.0)
    virtus (1.0.5)
      axiom-types (~> 0.1)
      coercible (~> 1.0)
      descendants_tracker (~> 0.0, >= 0.0.3)
      equalizer (~> 0.0, >= 0.0.9)
    webmock (3.9.1)
      addressable (>= 2.3.6)
      crack (>= 0.3.2)
      hashdiff (>= 0.4.0, < 2.0.0)

PLATFORMS
  ruby

DEPENDENCIES
  avro
  avro-patches
  avromatic
  aws-kclrb
  aws-sdk (~> 2)
  dotenv
  faker
  faraday
  faraday_middleware
  gibberish
  httparty
  nypl_log_formatter (>= 0.1.3)
  nypl_sierra_api_client (>= 1.1.0)
  oauth
  pry
  require_all
  rspec
  rubocop
  simplecov
  webmock

BUNDLED WITH
   2.1.4
